GEM
  remote: https://rubygems.org/
  specs:
    diff-lcs (1.3)
    domain_name (0.5.20190701)
      unf (>= 0.0.5, < 1.0.0)
    equatable (0.6.1)
    http-accept (1.7.0)
    http-cookie (1.0.3)
      domain_name (~> 0.5)
    mime-types (3.3.1)
      mime-types-data (~> 3.2015)
    mime-types-data (3.2019.1009)
    mini_portile2 (2.8.1)
    necromancer (0.5.1)
    netrc (0.11.0)
    nokogiri (1.14.3)
      mini_portile2 (~> 2.8.0)
      racc (~> 1.4)
    pastel (0.7.3)
      equatable (~> 0.6)
      tty-color (~> 0.5)
    racc (1.6.2)
    rest-client (2.1.0)
      http-accept (>= 1.7.0, < 2.0)
      http-cookie (>= 1.0.2, < 2.0)
      mime-types (>= 1.16, < 4.0)
      netrc (~> 0.8)
    rspec (3.9.0)
      rspec-core (~> 3.9.0)
      rspec-expectations (~> 3.9.0)
      rspec-mocks (~> 3.9.0)
    rspec-core (3.9.1)
      rspec-support (~> 3.9.1)
    rspec-expectations (3.9.0)
      diff-lcs (>= 1.2.0, < 2.0)
      rspec-support (~> 3.9.0)
    rspec-mocks (3.9.1)
      diff-lcs (>= 1.2.0, < 2.0)
      rspec-support (~> 3.9.0)
    rspec-support (3.9.2)
    tty-color (0.5.1)
    tty-cursor (0.7.1)
    tty-prompt (0.20.0)
      necromancer (~> 0.5.0)
      pastel (~> 0.7.0)
      tty-reader (~> 0.7.0)
    tty-reader (0.7.0)
      tty-cursor (~> 0.7)
      tty-screen (~> 0.7)
      wisper (~> 2.0.0)
    tty-screen (0.7.1)
    unf (0.1.4)
      unf_ext
    unf_ext (0.0.7.6)
    wisper (2.0.1)

PLATFORMS
  ruby

DEPENDENCIES
  nokogiri
  rest-client
  rspec
  tty-prompt

BUNDLED WITH
   2.1.4
